PATH
  remote: .
  specs:
    gesund-mongo (0.0.2)
      bson_ext
      gesund
      mongo

GEM
  remote: https://rubygems.org/
  specs:
    bson (1.8.5)
    bson_ext (1.8.5)
      bson (~> 1.8.5)
    diff-lcs (1.2.4)
    gesund (0.0.1)
      rack
      thor
    mongo (1.8.5)
      bson (~> 1.8.5)
    multi_json (1.7.2)
    rack (1.5.2)
    rake (10.0.4)
    rspec (2.13.0)
      rspec-core (~> 2.13.0)
      rspec-expectations (~> 2.13.0)
      rspec-mocks (~> 2.13.0)
    rspec-core (2.13.1)
    rspec-expectations (2.13.0)
      diff-lcs (>= 1.1.3, < 2.0)
    rspec-mocks (2.13.1)
    simplecov (0.7.1)
      multi_json (~> 1.0)
      simplecov-html (~> 0.7.1)
    simplecov-html (0.7.1)
    thor (0.18.1)

PLATFORMS
  ruby

DEPENDENCIES
  bundler (~> 1.3)
  gesund-mongo!
  rake
  rspec
  simplecov
